GEM
  remote: https://rubygems.org/
  specs:
    addressable (2.3.8)
    blankslate (2.1.2.4)
    celluloid (0.16.0)
      timers (~> 4.0.0)
    classifier-reborn (2.0.3)
      fast-stemmer (~> 1.0)
    coderay (1.1.0)
    coffee-script (2.4.1)
      coffee-script-source
      execjs
    coffee-script-source (1.9.1.1)
    colorator (0.1)
    colored (1.2)
    em-websocket (0.5.1)
      eventmachine (>= 0.12.9)
      http_parser.rb (~> 0.6.0)
    ethon (0.8.0)
      ffi (>= 1.3.0)
    eventmachine (1.0.8)
    execjs (2.6.0)
    fast-stemmer (1.0.2)
    ffi (1.9.10)
    formatador (0.2.5)
    guard (2.13.0)
      formatador (>= 0.2.4)
      listen (>= 2.7, <= 4.0)
      lumberjack (~> 1.0)
      nenv (~> 0.1)
      notiffany (~> 0.0)
      pry (>= 0.9.12)
      shellany (~> 0.0)
      thor (>= 0.18.1)
    guard-compat (1.2.1)
    guard-jekyll (1.5.0)
      guard (~> 2.6)
      guard-compat (~> 1.1)
      jekyll
      nenv (~> 0.1)
    guard-livereload (2.4.0)
      em-websocket (~> 0.5)
      guard (~> 2.8)
      multi_json (~> 1.8)
    hitimes (1.2.3)
    html-proofer (2.5.1)
      addressable (~> 2.3)
      colored (~> 1.2)
      mercenary (~> 0.3.2)
      nokogiri (~> 1.5)
      parallel (~> 1.3)
      typhoeus (~> 0.7)
      yell (~> 2.0)
    http_parser.rb (0.6.0)
    jekyll (2.5.3)
      classifier-reborn (~> 2.0)
      colorator (~> 0.1)
      jekyll-coffeescript (~> 1.0)
      jekyll-gist (~> 1.0)
      jekyll-paginate (~> 1.0)
      jekyll-sass-converter (~> 1.0)
      jekyll-watch (~> 1.1)
      kramdown (~> 1.3)
      liquid (~> 2.6.1)
      mercenary (~> 0.3.3)
      pygments.rb (~> 0.6.0)
      redcarpet (~> 3.1)
      safe_yaml (~> 1.0)
      toml (~> 0.1.0)
    jekyll-coffeescript (1.0.1)
      coffee-script (~> 2.2)
    jekyll-gist (1.3.4)
    jekyll-paginate (1.1.0)
    jekyll-redirect-from (0.8.0)
      jekyll (>= 2.0)
    jekyll-sass-converter (1.3.0)
      sass (~> 3.2)
    jekyll-sitemap (0.8.1)
    jekyll-watch (1.2.1)
      listen (~> 2.7)
    kramdown (1.8.0)
    libv8 (3.16.14.11)
    liquid (2.6.3)
    listen (2.10.1)
      celluloid (~> 0.16.0)
      rb-fsevent (>= 0.9.3)
      rb-inotify (>= 0.9)
    lumberjack (1.0.9)
    mercenary (0.3.5)
    method_source (0.8.2)
    mini_portile (0.6.2)
    multi_json (1.11.2)
    nenv (0.2.0)
    nokogiri (1.6.6.2)
      mini_portile (~> 0.6.0)
    notiffany (0.0.8)
      nenv (~> 0.1)
      shellany (~> 0.0)
    parallel (1.6.1)
    parslet (1.5.0)
      blankslate (~> 2.0)
    posix-spawn (0.3.11)
    pry (0.10.1)
      coderay (~> 1.1.0)
      method_source (~> 0.8.1)
      slop (~> 3.4)
    pygments.rb (0.6.3)
      posix-spawn (~> 0.3.6)
      yajl-ruby (~> 1.2.0)
    rake (10.4.2)
    rb-fsevent (0.9.6)
    rb-inotify (0.9.5)
      ffi (>= 0.5.0)
    redcarpet (3.3.2)
    ref (2.0.0)
    safe_yaml (1.0.4)
    sass (3.4.18)
    shellany (0.0.1)
    slop (3.6.0)
    therubyracer (0.12.2)
      libv8 (~> 3.16.14.0)
      ref
    thor (0.19.1)
    timers (4.0.4)
      hitimes
    toml (0.1.2)
      parslet (~> 1.5.0)
    typhoeus (0.8.0)
      ethon (>= 0.8.0)
    yajl-ruby (1.2.1)
    yell (2.0.5)

PLATFORMS
  ruby

DEPENDENCIES
  execjs
  guard
  guard-jekyll
  guard-livereload (~> 2.4)
  html-proofer
  jekyll
  jekyll-redirect-from
  jekyll-sitemap (~> 0.8.1)
  rake
  therubyracer

BUNDLED WITH
   1.10.6
